GEM
  remote: https://rubygems.org/
  specs:
    benchmark (0.2.1)
    diff-lcs (1.6.2)
    murmurhash3 (0.1.7)
    rake (13.2.1)
    rspec (3.13.0)
      rspec-core (~> 3.13.0)
      rspec-expectations (~> 3.13.0)
      rspec-mocks (~> 3.13.0)
    rspec-core (3.13.3)
      rspec-support (~> 3.13.0)
    rspec-expectations (3.13.4)
      diff-lcs (>= 1.2.0, < 2.0)
      rspec-support (~> 3.13.0)
    rspec-mocks (3.13.4)
      diff-lcs (>= 1.2.0, < 2.0)
      rspec-support (~> 3.13.0)
    rspec-support (3.13.3)

PLATFORMS
  arm64-darwin-24

DEPENDENCIES
  benchmark (~> 0.2.0)
  murmurhash3 (~> 0.1.6)
  rake (~> 13.0)
  rspec (~> 3.12)

BUNDLED WITH
   2.4.19
